GEM
  remote: https://rubygems.org/
  specs:
    sorbet (0.5.12201)
      sorbet-static (= 0.5.12201)
    sorbet-static (0.5.12201-aarch64-linux)
    sorbet-static (0.5.12201-universal-darwin)
    sorbet-static (0.5.12201-x86_64-linux)

PLATFORMS
  aarch64-linux
  universal-darwin
  x86_64-linux

DEPENDENCIES
  sorbet

BUNDLED WITH
   2.5.16
