GEM
  remote: https://rubygems.org/
  specs:
    sorbet (0.5.11699)
      sorbet-static (= 0.5.11699)
    sorbet-static (0.5.11699-aarch64-linux)
    sorbet-static (0.5.11699-universal-darwin)
    sorbet-static (0.5.11699-x86_64-linux)

PLATFORMS
  aarch64-linux
  universal-darwin
  x86_64-linux

DEPENDENCIES
  sorbet

BUNDLED WITH
   2.5.16
